PATH
  remote: .
  specs:
    docket (1.1.0)
      active_attr
      activemodel
      activesupport
      aws-sdk-core
      colorize

GEM
  remote: https://rubygems.org/
  specs:
    active_attr (0.8.4)
      activemodel (>= 3.0.2, < 4.2)
      activesupport (>= 3.0.2, < 4.2)
    activemodel (4.1.6)
      activesupport (= 4.1.6)
      builder (~> 3.1)
    activesupport (4.1.6)
      i18n (~> 0.6, >= 0.6.9)
      json (~> 1.7, >= 1.7.7)
      minitest (~> 5.1)
      thread_safe (~> 0.1)
      tzinfo (~> 1.1)
    awesome_print (1.2.0)
    aws-sdk-core (2.0.0.rc16)
      builder (~> 3.0)
      jamespath (>= 0.5.1)
      multi_json (~> 1.0)
      multi_xml (~> 0.5)
    builder (3.2.2)
    colorize (0.7.3)
    i18n (0.6.11)
    jamespath (0.5.1)
    json (1.8.1)
    minitest (5.4.1)
    minitest-focus (1.1.0)
      minitest (>= 4, < 6)
    minitest-rg (5.1.0)
      minitest (~> 5.0)
    multi_json (1.10.1)
    multi_xml (0.5.5)
    rake (10.3.2)
    thread_safe (0.3.4)
    tzinfo (1.2.2)
      thread_safe (~> 0.1)

PLATFORMS
  ruby

DEPENDENCIES
  awesome_print
  bundler
  docket!
  minitest
  minitest-focus
  minitest-rg
  rake
